GEM
  remote: https://rubygems.org/
  specs:
    artii (2.1.2)
    rainbow (2.0.0)
    rasciiart (0.0.9)
      rainbow (= 2.0.0)
      rmagick (= 2.15.4)
    redcarpet (3.1.2)
    rmagick (2.15.4)
    vimdeck (0.3.2)
      artii (~> 2.1.1)
      rasciiart (~> 0.0.9)
      redcarpet (~> 3.1.2)

PLATFORMS
  ruby

DEPENDENCIES
  vimdeck

BUNDLED WITH
   1.14.6
